PATH
  remote: .
  specs:
    constraintClean (1.0.1)
      colorize (~> 0.7)
      nokogiri (~> 1.6)

GEM
  remote: https://rubygems.org/
  specs:
    colorize (0.7.7)
    mini_portile (0.6.2)
    nokogiri (1.6.6.2)
      mini_portile (~> 0.6.0)
    rake (10.4.2)

PLATFORMS
  ruby

DEPENDENCIES
  bundler (~> 1.10)
  constraintClean!
  rake (~> 10.0)

BUNDLED WITH
   1.10.4
